GEM
  remote: https://rubygems.org/
  specs:

PLATFORMS
  <%= engine %>

DEPENDENCIES

