GIT
  remote: https://github.com/cloudfoundry/buildpack-packager
  revision: 12fafa8a695dfb6003bc3297063ce85c1494f77b
  tag: v2.3.9
  specs:
    buildpack-packager (2.3.9)
      activesupport (~> 4.1)
      kwalify (~> 0)
      semantic
      terminal-table (~> 1.4)

GIT
  remote: https://github.com/cloudfoundry/machete
  revision: 48b553eb29f1748574ef773dfa9fcce76ae53cb8
  tag: v0.0.67
  specs:
    machete (0.0.67)
      childprocess
      httparty

GEM
  remote: https://rubygems.org/
  specs:
    activesupport (4.2.8)
      i18n (~> 0.7)
      minitest (~> 5.1)
      thread_safe (~> 0.3, >= 0.3.4)
      tzinfo (~> 1.1)
    ast (2.3.0)
    bcrypt (3.1.11)
    childprocess (0.7.0)
      ffi (~> 1.0, >= 1.0.11)
    coderay (1.1.1)
    diff-lcs (1.2.5)
    ffi (1.9.18)
    httparty (0.15.5)
      multi_xml (>= 0.5.2)
    i18n (0.8.4)
    kwalify (0.7.2)
    method_source (0.8.2)
    minitest (5.10.2)
    multi_xml (0.6.0)
    parser (2.3.1.2)
      ast (~> 2.2)
    powerpack (0.1.1)
    pry (0.10.4)
      coderay (~> 1.1.0)
      method_source (~> 0.8.1)
      slop (~> 3.4)
    rainbow (2.1.0)
    rspec (3.5.0)
      rspec-core (~> 3.5.0)
      rspec-expectations (~> 3.5.0)
      rspec-mocks (~> 3.5.0)
    rspec-core (3.5.1)
      rspec-support (~> 3.5.0)
    rspec-expectations (3.5.0)
      diff-lcs (>= 1.2.0, < 2.0)
      rspec-support (~> 3.5.0)
    rspec-instafail (1.0.0)
      rspec
    rspec-mocks (3.5.0)
      diff-lcs (>= 1.2.0, < 2.0)
      rspec-support (~> 3.5.0)
    rspec-support (3.5.0)
    rubocop (0.41.2)
      parser (>= 2.3.1.1, < 3.0)
      powerpack (~> 0.1)
      rainbow (>= 1.99.1, < 3.0)
      ruby-progressbar (~> 1.7)
      unicode-display_width (~> 1.0, >= 1.0.1)
    rubocop-rspec (1.5.1)
      rubocop (>= 0.41.2)
    ruby-progressbar (1.8.1)
    semantic (1.6.0)
    slop (3.6.0)
    terminal-table (1.7.0)
      unicode-display_width (~> 1.1)
    thread_safe (0.3.6)
    tzinfo (1.2.3)
      thread_safe (~> 0.1)
    unicode-display_width (1.1.0)

PLATFORMS
  ruby

DEPENDENCIES
  bcrypt
  buildpack-packager!
  machete!
  pry
  rspec
  rspec-instafail
  rubocop
  rubocop-rspec

RUBY VERSION
   ruby 2.3.1p112

BUNDLED WITH
   1.15.1
