GEM
  remote: https://rubygems.org/
  specs:
    bcrypt (3.1.10)
    eventmachine (1.0.7)
    mini_portile (0.6.2)
    nokogiri (1.6.6.2)
      mini_portile (~> 0.6.0)
    rack (1.6.1)
    rack-protection (1.5.3)
      rack
    sinatra (1.4.5)
      rack (~> 1.4)
      rack-protection (~> 1.4)
      tilt (~> 1.3, >= 1.3.4)
    tilt (1.4.1)

PLATFORMS
  <%= engine %>

DEPENDENCIES
  bcrypt
  eventmachine
  nokogiri
  sinatra
